PATH
  remote: .
  specs:
    rubype (0.1.beta)
      rest-client (>= 1.6.7)

GEM
  remote: http://rubygems.org/
  specs:
    mime-types (1.16)
    rest-client (1.6.7)
      mime-types (>= 1.16)

PLATFORMS
  ruby

DEPENDENCIES
  rubype!
